GEM
  remote: https://rubygems.org/
  specs:
    cheatset (1.4.0)
      haml
      plist
      redcarpet
      rouge
      sanitize
      sqlite3
      thor
      unindent
    crass (1.0.4)
    haml (5.0.4)
      temple (>= 0.8.0)
      tilt
    mini_portile2 (2.3.0)
    nokogiri (1.8.5)
      mini_portile2 (~> 2.3.0)
    nokogumbo (2.0.1)
      nokogiri (~> 1.8, >= 1.8.4)
    plist (3.4.0)
    redcarpet (3.4.0)
    rouge (3.3.0)
    sanitize (5.0.0)
      crass (~> 1.0.2)
      nokogiri (>= 1.8.0)
      nokogumbo (~> 2.0)
    sqlite3 (1.3.13)
    temple (0.8.0)
    thor (0.20.3)
    tilt (2.0.8)
    unindent (1.0)

PLATFORMS
  ruby

DEPENDENCIES
  cheatset

BUNDLED WITH
   1.16.3
